GEM
  remote: http://rubygems.org/
  specs:
    humanize (1.1.0)

PLATFORMS
  ruby

DEPENDENCIES
  humanize
